PATH
  remote: .
  specs:
    everyday-curses (0.1.3)
      curses (~> 1.3, >= 1.3.1)
      everyday-cli-utils (~> 1.8, >= 1.8.7.2)

GEM
  remote: https://rubygems.org/
  specs:
    curses (1.3.1)
    everyday-cli-utils (1.8.7.2)
    rake (12.3.3)

PLATFORMS
  ruby

DEPENDENCIES
  bundler (~> 2.0)
  everyday-curses!
  rake (~> 12.3)

BUNDLED WITH
   2.0.2
