PATH
  remote: .
  specs:
    everyday-curses (0.1.2)
      curses (~> 1.0, >= 1.0.1)
      everyday-cli-utils (~> 1.8, >= 1.8.6)

GEM
  remote: https://rubygems.org/
  specs:
    curses (1.0.1)
    everyday-cli-utils (1.8.6)
    rake (10.4.2)

PLATFORMS
  ruby

DEPENDENCIES
  bundler (~> 1.10, >= 1.10.4)
  everyday-curses!
  rake (~> 10.4)

BUNDLED WITH
   1.11.2
